GEM
  remote: https://rubygems.org/
  specs:
    rack (3.1.15)

PLATFORMS
  ruby
  x86_64-darwin-23

DEPENDENCIES
  rack (~> 3.0)

BUNDLED WITH
   2.5.3
